GEM
  remote: https://rubygems.org/
  specs:
    addressable (2.3.8)
    data_objects (0.10.16)
      addressable (~> 2.1)
    dm-core (1.2.1)
      addressable (~> 2.3)
    dm-do-adapter (1.2.0)
      data_objects (~> 0.10.6)
      dm-core (~> 1.2.0)
    dm-migrations (1.2.0)
      dm-core (~> 1.2.0)
    dm-sqlite-adapter (1.2.0)
      dm-do-adapter (~> 1.2.0)
      do_sqlite3 (~> 0.10.6)
    dm-timestamps (1.2.0)
      dm-core (~> 1.2.0)
    do_sqlite3 (0.10.16)
      data_objects (= 0.10.16)
    sqlite3 (1.3.10)

PLATFORMS
  ruby

DEPENDENCIES
  dm-core (= 1.2.1)
  dm-migrations (= 1.2.0)
  dm-sqlite-adapter
  dm-timestamps (= 1.2.0)
  sqlite3 (= 1.3.10)

BUNDLED WITH
   1.10.5
